GEM
  remote: http://rubygems.org/
  specs:
    diff-lcs (1.2.5)
    git (1.2.5)
    jeweler (1.6.2)
      bundler (~> 1.0)
      git (>= 1.2.5)
      rake
    log-me (0.0.2)
    nokogiri (1.4.6)
    rake (0.9.2)
    rcov (0.9.10)
    rspec (3.0.0)
      rspec-core (~> 3.0.0)
      rspec-expectations (~> 3.0.0)
      rspec-mocks (~> 3.0.0)
    rspec-core (3.0.3)
      rspec-support (~> 3.0.0)
    rspec-expectations (3.0.3)
      diff-lcs (>= 1.2.0, < 2.0)
      rspec-support (~> 3.0.0)
    rspec-mocks (3.0.3)
      rspec-support (~> 3.0.0)
    rspec-support (3.0.3)

PLATFORMS
  ruby

DEPENDENCIES
  bundler (>= 1.0.0)
  jeweler (~> 1.6.2)
  log-me (~> 0.0.2)
  nokogiri (~> 1.4.6)
  rcov
  rspec (>= 3.0.0)
